GEM
  remote: http://ruby.taobao.org/
  specs:
    backports (2.6.1)
    crack (0.3.1)
    diff-lcs (1.1.3)
    eventmachine (0.12.10)
    git (1.2.5)
    hashie (1.2.0)
    httparty (0.8.3)
      multi_json (~> 1.0)
      multi_xml
    jeweler (1.8.3)
      bundler (~> 1.0)
      git (>= 1.2.5)
      rake
      rdoc
    json (1.7.3)
    multi_json (1.3.6)
    multi_xml (0.5.1)
    nest (1.1.1)
      redis
    oauth (0.4.6)
    ohm (1.0.2)
      nest (~> 1.0)
      redis (~> 2.2)
      scrivener (~> 0.0.3)
    rack (1.4.1)
    rack-protection (1.2.0)
      rack
    rack-test (0.6.1)
      rack (>= 1.0)
    rake (0.9.2.2)
    rdoc (3.12)
      json (~> 1.4)
    redis (2.2.2)
    rspec (2.10.0)
      rspec-core (~> 2.10.0)
      rspec-expectations (~> 2.10.0)
      rspec-mocks (~> 2.10.0)
    rspec-core (2.10.1)
    rspec-expectations (2.10.0)
      diff-lcs (~> 1.1.3)
    rspec-mocks (2.10.1)
    scrivener (0.0.3)
    sinatra (1.3.2)
      rack (~> 1.3, >= 1.3.6)
      rack-protection (~> 1.2)
      tilt (~> 1.3, >= 1.3.3)
    sinatra-contrib (1.3.1)
      backports (>= 2.0)
      eventmachine
      rack-protection
      rack-test
      sinatra (~> 1.3.0)
      tilt (~> 1.3)
    tilt (1.3.3)
    weibo (0.0.14)
      crack
      hashie
      hashie
      httparty
      httparty (>= 0.5.2)
      jeweler
      oauth
      oauth (~> 0.4.1)

PLATFORMS
  ruby

DEPENDENCIES
  ohm
  rspec
  sinatra
  sinatra-contrib
  weibo
